GEM
  remote: http://rubygems.org/
  specs:
    SystemTimer (1.2)
    eventmachine (0.12.10)
    haml (3.0.22)
    nokogiri (1.4.3.1)
    rack (1.2.1)
    sinatra (1.0)
      rack (>= 1.0)

PLATFORMS
  ruby

DEPENDENCIES
  SystemTimer
  eventmachine
  haml
  nokogiri
  sinatra
